GEM
  remote: https://rubygems.org/
  specs:
    json (2.6.1)

PLATFORMS
  ruby

DEPENDENCIES
  json
